GEM
  remote: https://rubygems.org/
  specs:
    builder (3.1.4)
    capybara (1.1.1)
      mime-types (>= 1.16)
      nokogiri (>= 1.3.3)
      rack (>= 1.0.0)
      rack-test (>= 0.5.4)
      selenium-webdriver (~> 2.0)
      xpath (~> 0.1.4)
    childprocess (0.3.6)
      ffi (~> 1.0, >= 1.0.6)
    cucumber (1.1.0)
      builder (>= 2.1.2)
      diff-lcs (>= 1.1.2)
      gherkin (~> 2.5.0)
      json (>= 1.4.6)
      term-ansicolor (>= 1.0.6)
    cucumber-rails (0.3.2)
      cucumber (>= 0.8.0)
    database_cleaner (0.9.1)
    diff-lcs (1.1.3)
    exception_notification (1.0.20090728)
    ffi (1.2.0)
    gherkin (2.5.4)
      json (>= 1.4.6)
    json (1.7.5)
    libwebsocket (0.1.6.1)
      websocket
    mime-types (1.19)
    multi_json (1.3.7)
    nokogiri (1.5.5)
    rack (1.1.0)
    rack-test (0.6.2)
      rack (>= 1.0)
    rake (0.8.7)
    rspec (1.2.9)
    rspec-rails (1.2.9)
      rack (>= 1.0.0)
      rspec (>= 1.2.9)
    rubyzip (0.9.9)
    selenium-webdriver (2.26.0)
      childprocess (>= 0.2.5)
      libwebsocket (~> 0.1.3)
      multi_json (~> 1.0)
      rubyzip
    system_timer (1.2.4)
    term-ansicolor (1.0.7)
    websocket (1.0.4)
    xpath (0.1.4)
      nokogiri (~> 1.3)

PLATFORMS
  ruby

DEPENDENCIES
  capybara (= 1.1.1)
  cucumber (= 1.1.0)
  cucumber-rails (= 0.3.2)
  database_cleaner
  exception_notification (= 1.0.20090728)
  rake (= 0.8.7)
  rspec (= 1.2.9)
  rspec-rails (= 1.2.9)
  system_timer
